{
    "TaskName": "Drive",
    "TaskDescription": "Control simulated vehicle with the objective of maintaining the cruising lane on a virtual road. Respond to perturbations perpendicular to lane by steering back toward the center of the lane.",
    "EEGReference": "CMS",
    "SamplingFrequency": 1024,
    "PowerLineFrequency": 60,
    "SoftwareFilters": "n/a",
    "CapManufacturer": "BioSemi ActiveTwo biopotential measurement system",
    "EEGChannelCount": 256,
    "ECGChannelCount": 0,
    "EMGChannelCount": 0,
    "EOGChannelCount": 4,
    "MiscChannelCount": 6,
    "EEGPlacementScheme": "Custom"
}